GIT
  remote: git://github.com/BDQ/resource_controller.git
  revision: 5537625a5215d7cf5528aecbb724d718df30e2ca
  specs:
    resource_controller (0.6.6)

GIT
  remote: git://github.com/aussiegeek/rubyzip.git
  revision: 156c0c04b54857ab07df845c6722148e1b821683
  specs:
    rubyzip (0.9.6.1)

GIT
  remote: git://github.com/binarylogic/authlogic.git
  revision: 309187b2659436c27a93045fd62fd70e8b5eeb78
  specs:
    authlogic (3.1.0)
      activerecord (>= 3.0.7)
      activerecord (>= 3.0.7)

GIT
  remote: git://github.com/jfirebaugh/capybara-firebug.git
  revision: 89e5b607cd9e3bf2217bf9e5fb484cf67790eb2c
  specs:
    capybara-firebug (1.1.0)
      capybara (~> 1.0)

GIT
  remote: git://github.com/nhowell/subdomain-fu.git
  revision: c6fbf945cf3f4ab344f9c8e0604dc5dcca9ee6cf
  specs:
    subdomain-fu (1.0.0.beta2)

GIT
  remote: git@github.com:codelux/malware_api.git
  revision: dcda228365f760e1f70b14e8e98080d846689c9c
  specs:
    malware_api (0.1)

GEM
  remote: http://rubygems.org/
  specs:
    POpen4 (0.1.4)
      Platform (>= 0.4.0)
      open4
    Platform (0.4.0)
    abstract (1.0.0)
    actionmailer (3.0.10)
      actionpack (= 3.0.10)
      mail (~> 2.2.19)
    actionpack (3.0.10)
      activemodel (= 3.0.10)
      activesupport (= 3.0.10)
      builder (~> 2.1.2)
      erubis (~> 2.6.6)
      i18n (~> 0.5.0)
      rack (~> 1.2.1)
      rack-mount (~> 0.6.14)
      rack-test (~> 0.5.7)
      tzinfo (~> 0.3.23)
    active_reload (0.6.1)
    activemerchant (1.10.0)
      activesupport (>= 2.3.2)
      braintree (>= 2.0.0)
      builder (>= 2.0.0)
    activemodel (3.0.10)
      activesupport (= 3.0.10)
      builder (~> 2.1.2)
      i18n (~> 0.5.0)
    activerecord (3.0.10)
      activemodel (= 3.0.10)
      activesupport (= 3.0.10)
      arel (~> 2.0.10)
      tzinfo (~> 0.3.23)
    activerecord-sqlserver-adapter (3.0.19)
      activerecord (~> 3.0.3)
      arel (~> 2.0.7)
    activeresource (3.0.10)
      activemodel (= 3.0.10)
      activesupport (= 3.0.10)
    activesupport (3.0.10)
    addressable (2.2.7)
    archive-tar-minitar (0.5.2)
    arel (2.0.10)
    awesome_print (1.0.2)
    aws-sdk (1.3.6)
      httparty (~> 0.7)
      json (~> 1.4)
      nokogiri (>= 1.4.4)
      uuidtools (~> 2.1)
    braintree (2.14.0)
      builder (>= 2.0.0)
    builder (2.1.2)
    capybara (1.1.2)
      mime-types (>= 1.16)
      nokogiri (>= 1.3.3)
      rack (>= 1.0.0)
      rack-test (>= 0.5.4)
      selenium-webdriver (~> 2.0)
      xpath (~> 0.1.4)
    capybara-webkit (0.10.1)
      capybara (>= 1.0.0, < 1.2)
      json
    childprocess (0.3.1)
      ffi (~> 1.0.6)
    chronic (0.6.7)
    chunky_png (1.2.5)
    cmdparse (2.0.3)
    cocaine (0.2.1)
    columnize (0.3.6)
    commonwatir (2.0.4)
      user-choices
    compass (0.11.7)
      chunky_png (~> 1.2)
      fssm (>= 0.2.7)
      sass (~> 3.1)
    crack (0.3.1)
    cucumber (1.1.9)
      builder (>= 2.1.2)
      diff-lcs (>= 1.1.2)
      gherkin (~> 2.9.0)
      json (>= 1.4.6)
      term-ansicolor (>= 1.0.6)
    cucumber-rails (1.3.0)
      capybara (>= 1.1.2)
      cucumber (>= 1.1.8)
      nokogiri (>= 1.5.0)
    database_cleaner (0.7.1)
    declarative_authorization (0.5.5)
    diff-lcs (1.1.3)
    easy_roles (1.2.0)
    email_spec (1.2.1)
      mail (~> 2.2)
      rspec (~> 2.0)
    erubis (2.6.6)
      abstract (>= 1.0.0)
    factory_girl (2.6.3)
      activesupport (>= 2.3.9)
    factory_girl_rails (1.7.0)
      factory_girl (~> 2.6.0)
      railties (>= 3.0.0)
    ffi (1.0.11)
    firewatir (1.9.4)
      commonwatir (>= 1.9.2)
    fssm (0.2.8.1)
    gherkin (2.9.0)
      json (>= 1.4.6)
    haml (3.2.0.alpha.10)
    highline (1.6.11)
    hoe (2.16.0)
      rake (~> 0.8)
    httparty (0.8.1)
      multi_json
      multi_xml
    i18n (0.5.0)
    jammit (0.6.5)
      yui-compressor (>= 0.9.3)
    jquery-rails (1.0.19)
      railties (~> 3.0)
      thor (~> 0.14)
    json (1.6.5)
    launchy (2.0.5)
      addressable (~> 2.2.6)
    linecache19 (0.5.13)
      ruby_core_source (>= 0.1.4)
    machinist (2.0)
    mail (2.2.19)
      activesupport (>= 2.3.6)
      i18n (>= 0.4.0)
      mime-types (~> 1.16)
      treetop (~> 1.4.8)
    mainline (1.0.1)
      rack
    meta_where (1.0.4)
      activerecord (~> 3.0.0)
      activesupport (~> 3.0.0)
      arel (~> 2.0.7)
    mime-types (1.17.2)
    money (2.1.0)
    multi_json (1.1.0)
    multi_xml (0.4.2)
    mysql2 (0.2.18)
    net-ssh (2.3.0)
    net-ssh-gateway (1.1.0)
      net-ssh (>= 1.99.1)
    nokogiri (1.5.2)
    open4 (1.3.0)
    openssl-extensions (1.2.0)
    paperclip (2.7.0)
      activerecord (>= 2.3.0)
      activesupport (>= 2.3.2)
      cocaine (>= 0.0.2)
      mime-types
    polyglot (0.3.3)
    rabl (0.6.1)
      activesupport (>= 2.3.14)
      multi_json (~> 1.1.0)
    rack (1.2.5)
    rack-mount (0.6.14)
      rack (>= 1.0.0)
    rack-test (0.5.7)
      rack (>= 1.0)
    radix62 (0.1.0)
    rails (3.0.10)
      actionmailer (= 3.0.10)
      actionpack (= 3.0.10)
      activerecord (= 3.0.10)
      activeresource (= 3.0.10)
      activesupport (= 3.0.10)
      bundler (~> 1.0)
      railties (= 3.0.10)
    rails_config (0.2.5)
      activesupport (>= 3.0)
    railties (3.0.10)
      actionpack (= 3.0.10)
      activesupport (= 3.0.10)
      rake (>= 0.8.7)
      rdoc (~> 3.4)
      thor (~> 0.14.4)
    rake (0.8.7)
    rb-inotify (0.8.8)
      ffi (>= 0.5.0)
    rdoc (3.12)
      json (~> 1.4)
    rest-client (1.6.7)
      mime-types (>= 1.16)
    rspec (2.8.0)
      rspec-core (~> 2.8.0)
      rspec-expectations (~> 2.8.0)
      rspec-mocks (~> 2.8.0)
    rspec-core (2.8.0)
    rspec-expectations (2.8.0)
      diff-lcs (~> 1.1.2)
    rspec-mocks (2.8.0)
    rspec-rails (2.8.1)
      actionpack (>= 3.0)
      activesupport (>= 3.0)
      railties (>= 3.0)
      rspec (~> 2.8.0)
    ruby-debug-base19 (0.11.25)
      columnize (>= 0.3.1)
      linecache19 (>= 0.5.11)
      ruby_core_source (>= 0.1.4)
    ruby-debug19 (0.11.6)
      columnize (>= 0.3.1)
      linecache19 (>= 0.5.11)
      ruby-debug-base19 (>= 0.11.19)
    ruby-odbc (0.99994)
    ruby_core_source (0.1.5)
      archive-tar-minitar (>= 0.5.2)
    ruby_parser (2.3.1)
      sexp_processor (~> 3.0)
    s4t-utils (1.0.4)
      hoe (>= 1.3.0)
    sass (3.1.15)
    sauce (1.0.2)
      childprocess (>= 0.1.6)
      cmdparse (>= 2.0.2)
      highline (>= 1.5.0)
      json (>= 1.2.0)
      net-ssh
      net-ssh-gateway
      rest-client
      selenium-webdriver (>= 0.1.4)
    savon (0.7.9)
      builder (>= 2.1.2)
      crack (>= 0.1.4)
    selenium-webdriver (2.20.0)
      childprocess (>= 0.2.5)
      ffi (~> 1.0)
      multi_json (~> 1.0)
      rubyzip
    sexp_processor (3.1.0)
    simpleidn (0.0.3)
    sinatra (1.2.8)
      rack (~> 1.1)
      tilt (>= 1.2.2, < 2.0)
    spork (0.9.0)
    term-ansicolor (1.0.7)
    thor (0.14.6)
    tilt (1.3.3)
    treetop (1.4.10)
      polyglot
      polyglot (>= 0.3.1)
    tzinfo (0.3.32)
    user-choices (1.1.6.1)
      builder (>= 2.1.2)
      s4t-utils (>= 1.0.3)
      xml-simple (>= 1.0.11)
    uuidtools (2.1.2)
    webrat (0.7.3)
      nokogiri (>= 1.2.0)
      rack (>= 1.0)
      rack-test (>= 0.5.3)
    whenever (0.7.3)
      activesupport (>= 2.3.4)
      chronic (~> 0.6.3)
    will_paginate (3.0.3)
    wirble (0.1.3)
    workflow (0.8.1)
    xml-simple (1.1.1)
    xpath (0.1.4)
      nokogiri (~> 1.3)
    yui-compressor (0.9.6)
      POpen4 (>= 0.1.4)

PLATFORMS
  ruby

DEPENDENCIES
  active_reload
  activemerchant (= 1.10.0)
  activerecord-sqlserver-adapter
  authlogic!
  awesome_print
  aws-sdk
  builder
  capybara
  capybara-firebug!
  capybara-webkit
  compass
  cucumber-rails
  database_cleaner
  declarative_authorization
  easy_roles
  email_spec
  factory_girl_rails
  firewatir
  haml (>= 3.1.alpha.50)
  jammit
  jquery-rails (>= 1.0.12)
  json
  launchy
  machinist (>= 2.0.0.beta2)
  mainline
  malware_api!
  meta_where
  money (= 2.1.0)
  mysql2 (< 0.3)
  nokogiri
  openssl-extensions
  paperclip
  rabl
  rack-test
  radix62
  rails (= 3.0.10)
  rails_config
  rake
  rb-inotify
  resource_controller!
  rspec
  rspec-rails
  ruby-debug19
  ruby-odbc
  ruby_parser
  rubyzip!
  sauce
  savon (= 0.7.9)
  selenium-webdriver
  simpleidn
  sinatra
  spork (~> 0.9.0.rc)
  subdomain-fu!
  uuidtools
  webrat
  whenever
  will_paginate
  wirble
  workflow
  xml-simple
  yui-compressor
