GIT
  remote: git://github.com/aussiegeek/rubyzip.git
  revision: 4fe189b8068b10698d51faecb4d762f36221156e
  specs:
    rubyzip (0.9.8)

GIT
  remote: git://github.com/binarylogic/authlogic.git
  revision: b91683d71fbeb5c9dabe1b675982b03792ac4a20
  specs:
    authlogic (3.1.0)
      activerecord (>= 3.0.7)
      activerecord (>= 3.0.7)

GIT
  remote: git://github.com/jfirebaugh/capybara-firebug.git
  revision: 89e5b607cd9e3bf2217bf9e5fb484cf67790eb2c
  specs:
    capybara-firebug (1.1.0)
      capybara (~> 1.0)

GIT
  remote: git://github.com/nhowell/subdomain-fu.git
  revision: c6fbf945cf3f4ab344f9c8e0604dc5dcca9ee6cf
  specs:
    subdomain-fu (1.0.0.beta2)

GIT
  remote: git@github.com:codelux/malware_api.git
  revision: dcda228365f760e1f70b14e8e98080d846689c9c
  specs:
    malware_api (0.1)

GIT
  remote: git@github.com:codelux/resource_controller.git
  revision: b6ea58bc6f27caa4f3ed0e7da291726a4d8aff3f
  specs:
    resource_controller (0.6.6)

GEM
  remote: http://rubygems.org/
  specs:
    POpen4 (0.1.4)
      Platform (>= 0.4.0)
      open4
    Platform (0.4.0)
    actionmailer (3.2.3)
      actionpack (= 3.2.3)
      mail (~> 2.4.4)
    actionpack (3.2.3)
      activemodel (= 3.2.3)
      activesupport (= 3.2.3)
      builder (~> 3.0.0)
      erubis (~> 2.7.0)
      journey (~> 1.0.1)
      rack (~> 1.4.0)
      rack-cache (~> 1.2)
      rack-test (~> 0.6.1)
      sprockets (~> 2.1.2)
    active_utils (1.0.3)
      activesupport (>= 2.3.11)
      i18n
    activemerchant (1.21.0)
      active_utils (>= 1.0.2)
      activesupport (>= 2.3.11)
      builder (>= 2.0.0)
      i18n
      json (>= 1.5.1)
      money (<= 3.7.1)
    activemodel (3.2.3)
      activesupport (= 3.2.3)
      builder (~> 3.0.0)
    activerecord (3.2.3)
      activemodel (= 3.2.3)
      activesupport (= 3.2.3)
      arel (~> 3.0.2)
      tzinfo (~> 0.3.29)
    activeresource (3.2.3)
      activemodel (= 3.2.3)
      activesupport (= 3.2.3)
    activesupport (3.2.3)
      i18n (~> 0.6)
      multi_json (~> 1.0)
    addressable (2.2.8)
    akami (1.0.0)
      gyoku (>= 0.4.0)
    arel (3.0.2)
    awesome_print (1.0.2)
    aws-s3 (0.6.2)
      builder
      mime-types
      xml-simple
    aws-sdk (1.5.1)
      httparty (~> 0.7)
      json (~> 1.4)
      nokogiri (>= 1.4.4)
      uuidtools (~> 2.1)
    builder (3.0.0)
    capybara (1.1.2)
      mime-types (>= 1.16)
      nokogiri (>= 1.3.3)
      rack (>= 1.0.0)
      rack-test (>= 0.5.4)
      selenium-webdriver (~> 2.0)
      xpath (~> 0.1.4)
    capybara-webkit (0.12.0)
      capybara (>= 1.0.0, < 1.2)
      json
    childprocess (0.3.2)
      ffi (~> 1.0.6)
    chronic (0.6.7)
    chunky_png (1.2.5)
    cocaine (0.2.1)
    commonwatir (3.0.0)
    compass (0.12.1)
      chunky_png (~> 1.2)
      fssm (>= 0.2.7)
      sass (~> 3.1)
    compass-rails (1.0.1)
      compass (~> 0.12.0)
    cucumber (1.2.0)
      builder (>= 2.1.2)
      diff-lcs (>= 1.1.3)
      gherkin (~> 2.10.0)
      json (>= 1.4.6)
    cucumber-rails (1.3.0)
      capybara (>= 1.1.2)
      cucumber (>= 1.1.8)
      nokogiri (>= 1.5.0)
    database_cleaner (0.7.2)
    declarative_authorization (0.5.5)
    diff-lcs (1.1.3)
    easy_roles (1.2.0)
    email_spec (1.2.1)
      mail (~> 2.2)
      rspec (~> 2.0)
    erubis (2.7.0)
    factory_girl (3.2.0)
      activesupport (>= 3.0.0)
    factory_girl_rails (3.2.0)
      factory_girl (~> 3.2.0)
      railties (>= 3.0.0)
    faraday (0.8.0)
      multipart-post (~> 1.1)
    ffi (1.0.11)
    firewatir (1.9.4)
      commonwatir (>= 1.9.2)
    fssm (0.2.9)
    gherkin (2.10.0)
      json (>= 1.4.6)
    gyoku (0.4.4)
      builder (>= 2.1.2)
    haml (3.2.0.alpha.10)
    hike (1.2.1)
    httparty (0.8.3)
      multi_json (~> 1.0)
      multi_xml
    httpauth (0.1)
    httpi (0.9.7)
      rack
    i18n (0.6.0)
    jammit (0.6.5)
      yui-compressor (>= 0.9.3)
    journey (1.0.3)
    jquery-rails (2.0.2)
      railties (>= 3.2.0, < 5.0)
      thor (~> 0.14)
    json (1.7.3)
    launchy (2.1.0)
      addressable (~> 2.2.6)
    libv8 (3.3.10.4)
    libwebsocket (0.1.3)
      addressable
    machinist (2.0)
    mail (2.4.4)
      i18n (>= 0.4.0)
      mime-types (~> 1.16)
      treetop (~> 1.4.8)
    mainline (1.0.1)
      rack
    mime-types (1.18)
    money (2.1.0)
    multi_json (1.3.5)
    multi_xml (0.5.1)
    multipart-post (1.1.5)
    mysql2 (0.3.11)
    nokogiri (1.5.2)
    nori (1.1.0)
    oauth (0.4.6)
    oauth-plugin (0.4.0)
      multi_json
      oauth (~> 0.4.4)
      oauth2 (>= 0.5.0)
      rack
    oauth2 (0.7.1)
      faraday (~> 0.8)
      httpauth (~> 0.1)
      multi_json (~> 1.0)
      rack (~> 1.4)
    open4 (1.3.0)
    openssl-extensions (1.2.0)
    paperclip (3.0.3)
      activemodel (>= 3.0.0)
      activerecord (>= 3.0.0)
      activesupport (>= 3.0.0)
      cocaine (>= 0.0.2)
      mime-types
    polyamorous (0.5.0)
      activerecord (~> 3.0)
    polyglot (0.3.3)
    rabl (0.6.11)
      activesupport (>= 2.3.14)
      multi_json (~> 1.0)
    rack (1.4.1)
    rack-cache (1.2)
      rack (>= 0.4)
    rack-protection (1.2.0)
      rack
    rack-ssl (1.3.2)
      rack
    rack-test (0.6.1)
      rack (>= 1.0)
    radix62 (0.1.0)
    rails (3.2.3)
      actionmailer (= 3.2.3)
      actionpack (= 3.2.3)
      activerecord (= 3.2.3)
      activeresource (= 3.2.3)
      activesupport (= 3.2.3)
      bundler (~> 1.0)
      railties (= 3.2.3)
    rails_config (0.3.0)
      activesupport (>= 3.0)
    railties (3.2.3)
      actionpack (= 3.2.3)
      activesupport (= 3.2.3)
      rack-ssl (~> 1.3.2)
      rake (>= 0.8.7)
      rdoc (~> 3.4)
      thor (~> 0.14.6)
    rake (0.9.2.2)
    rb-inotify (0.8.8)
      ffi (>= 0.5.0)
    rdoc (3.12)
      json (~> 1.4)
    rspec (2.10.0)
      rspec-core (~> 2.10.0)
      rspec-expectations (~> 2.10.0)
      rspec-mocks (~> 2.10.0)
    rspec-core (2.10.0)
    rspec-expectations (2.10.0)
      diff-lcs (~> 1.1.3)
    rspec-mocks (2.10.1)
    rspec-rails (2.10.1)
      actionpack (>= 3.0)
      activesupport (>= 3.0)
      railties (>= 3.0)
      rspec (~> 2.10.0)
    ruby-odbc (0.99994)
    ruby_parser (2.3.1)
      sexp_processor (~> 3.0)
    sass (3.1.18)
    sass-rails (3.2.5)
      railties (~> 3.2.0)
      sass (>= 3.1.10)
      tilt (~> 1.3)
    savon (0.9.9)
      akami (~> 1.0)
      builder (>= 2.1.2)
      gyoku (>= 0.4.0)
      httpi (~> 0.9)
      nokogiri (>= 1.4.0)
      nori (~> 1.1)
      wasabi (~> 2.1)
    selenium-webdriver (2.21.2)
      childprocess (>= 0.2.5)
      ffi (~> 1.0)
      libwebsocket (~> 0.1.3)
      multi_json (~> 1.0)
      rubyzip
    sexp_processor (3.2.0)
    simpleidn (0.0.4)
    sinatra (1.3.2)
      rack (~> 1.3, >= 1.3.6)
      rack-protection (~> 1.2)
      tilt (~> 1.3, >= 1.3.3)
    spork (1.0.0rc3)
    spork-rails (3.2.0)
      rails (>= 3.0.0, < 3.3.0)
      spork (>= 1.0rc0)
    sprockets (2.1.3)
      hike (~> 1.2)
      rack (~> 1.0)
      tilt (~> 1.1, != 1.3.0)
    squeel (1.0.1)
      activerecord (~> 3.0)
      activesupport (~> 3.0)
      polyamorous (~> 0.5.0)
    therubyracer (0.10.1)
      libv8 (~> 3.3.10)
    thor (0.14.6)
    tilt (1.3.3)
    treetop (1.4.10)
      polyglot
      polyglot (>= 0.3.1)
    tzinfo (0.3.33)
    uuidtools (2.1.2)
    wasabi (2.1.0)
      nokogiri (>= 1.4.0)
    webrat (0.7.3)
      nokogiri (>= 1.2.0)
      rack (>= 1.0)
      rack-test (>= 0.5.3)
    whenever (0.7.3)
      activesupport (>= 2.3.4)
      chronic (~> 0.6.3)
    will_paginate (3.0.3)
    wirble (0.1.3)
    workflow (0.8.1)
    xml-simple (1.1.1)
    xpath (0.1.4)
      nokogiri (~> 1.3)
    yui-compressor (0.9.6)
      POpen4 (>= 0.1.4)

PLATFORMS
  ruby

DEPENDENCIES
  activemerchant
  authlogic!
  awesome_print
  aws-s3
  aws-sdk
  builder
  capybara
  capybara-firebug!
  capybara-webkit
  compass
  compass-rails
  cucumber-rails
  database_cleaner
  declarative_authorization
  easy_roles
  email_spec
  factory_girl_rails
  firewatir
  haml (>= 3.1.alpha.50)
  jammit
  jquery-rails (>= 1.0.12)
  json
  launchy
  machinist (>= 2.0.0.beta2)
  mainline
  malware_api!
  money (= 2.1.0)
  mysql2
  nokogiri
  oauth-plugin (>= 0.4.0.pre1)
  openssl-extensions
  paperclip
  rabl
  rack-test
  radix62
  rails (= 3.2.3)
  rails_config
  rb-inotify
  resource_controller!
  rspec
  rspec-rails
  ruby-odbc
  ruby_parser
  rubyzip!
  sass-rails
  savon
  selenium-webdriver
  simpleidn
  sinatra
  spork-rails
  squeel
  subdomain-fu!
  therubyracer
  uuidtools
  webrat
  whenever
  will_paginate
  wirble
  workflow
  xml-simple
  yui-compressor
