GIT
  remote: git://github.com/BDQ/resource_controller.git
  revision: 5537625a5215d7cf5528aecbb724d718df30e2ca
  specs:
    resource_controller (0.6.6)

GIT
  remote: git://github.com/Papipo/hassle
  revision: 3a12feb7ae8c94acde7bdf1cc8a34bb89ab39f44
  specs:
    hassle (0.0.1)
      haml
      rack

GIT
  remote: git://github.com/RubyMoney/money.git
  revision: 3514491efb62237ff246e87c554ada9f587041ae
  specs:
    money (3.1.5)
      i18n (~> 0.4)

GIT
  remote: git://github.com/nhowell/subdomain-fu.git
  revision: c6fbf945cf3f4ab344f9c8e0604dc5dcca9ee6cf
  specs:
    subdomain-fu (1.0.0.beta2)

GIT
  remote: https://github.com/Oshuma/app_config.git
  revision: 321fa76d7b7c760e6f2390fc4ee90b7be52780f7
  specs:
    app_config (0.6.1)
      sqlite3-ruby (>= 1.3.1)

GEM
  remote: http://rubygems.org/
  specs:
    abstract (1.0.0)
    actionmailer (3.0.1)
      actionpack (= 3.0.1)
      mail (~> 2.2.5)
    actionpack (3.0.1)
      activemodel (= 3.0.1)
      activesupport (= 3.0.1)
      builder (~> 2.1.2)
      erubis (~> 2.6.6)
      i18n (~> 0.4.1)
      rack (~> 1.2.1)
      rack-mount (~> 0.6.12)
      rack-test (~> 0.5.4)
      tzinfo (~> 0.3.23)
    activemerchant (1.9.1)
      activesupport (>= 2.3.2)
      braintree (>= 2.0.0)
      builder (>= 2.0.0)
    activemodel (3.0.1)
      activesupport (= 3.0.1)
      builder (~> 2.1.2)
      i18n (~> 0.4.1)
    activerecord (3.0.1)
      activemodel (= 3.0.1)
      activesupport (= 3.0.1)
      arel (~> 1.0.0)
      tzinfo (~> 0.3.23)
    activeresource (3.0.1)
      activemodel (= 3.0.1)
      activesupport (= 3.0.1)
    activesupport (3.0.1)
    arel (1.0.1)
      activesupport (~> 3.0.0)
    awesome_print (0.3.1)
    braintree (2.6.2)
      builder
    builder (2.1.2)
    declarative_authorization (0.5.1)
    erubis (2.6.6)
      abstract (>= 1.0.0)
    haml (3.0.24)
    i18n (0.4.1)
    mail (2.2.7)
      activesupport (>= 2.3.6)
      mime-types
      treetop (>= 1.4.5)
    mime-types (1.16)
    mysql (2.8.1)
    paperclip (2.3.6)
      activerecord
      activesupport
    polyglot (0.3.1)
    preferences (0.4.2)
    rack (1.2.1)
    rack-mount (0.6.13)
      rack (>= 1.0.0)
    rack-test (0.5.6)
      rack (>= 1.0)
    rails (3.0.1)
      actionmailer (= 3.0.1)
      actionpack (= 3.0.1)
      activerecord (= 3.0.1)
      activeresource (= 3.0.1)
      activesupport (= 3.0.1)
      bundler (~> 1.0.0)
      railties (= 3.0.1)
    railties (3.0.1)
      actionpack (= 3.0.1)
      activesupport (= 3.0.1)
      rake (>= 0.8.4)
      thor (~> 0.14.0)
    rake (0.8.7)
    sqlite3-ruby (1.3.1)
    thor (0.14.3)
    treetop (1.4.8)
      polyglot (>= 0.3.1)
    tzinfo (0.3.23)
    will_paginate (2.3.15)
    wirble (0.1.3)
    workflow (0.7.0)

PLATFORMS
  ruby

DEPENDENCIES
  activemerchant
  app_config!
  awesome_print
  declarative_authorization
  haml
  hassle!
  money!
  mysql (= 2.8.1)
  paperclip
  preferences
  rails (= 3.0.1)
  resource_controller!
  sqlite3-ruby
  subdomain-fu!
  will_paginate
  wirble
  workflow
